GEM
  remote: http://rubygems.org/
  specs:
    activeresource (2.3.9)
      activesupport (= 2.3.9)
    activesupport (2.3.9)
    crack (0.1.8)
    httparty (0.6.1)
      crack (= 0.1.8)
    linode (0.7.5)
      httparty
      httparty (>= 0.4.4)

PLATFORMS
  ruby

DEPENDENCIES
  activeresource (= 2.3.9)
  httparty (= 0.6.1)
  linode (= 0.7.5)
